GEM
  remote: https://rubygems.org/
  specs:
    activesupport (7.0.7.2)
      concurrent-ruby (~> 1.0, >= 1.0.2)
      i18n (>= 1.6, < 2)
      minitest (>= 5.1)
      tzinfo (~> 2.0)
    addressable (2.8.0)
      public_suffix (>= 2.0.2, < 5.0)
    concurrent-ruby (1.2.2)
    declarative (0.0.20)
    faraday (2.3.0)
      faraday-net_http (~> 2.0)
      ruby2_keywords (>= 0.0.4)
    faraday-net_http (2.0.3)
    gems (1.2.0)
    google-api-client (0.53.0)
      google-apis-core (~> 0.1)
      google-apis-generator (~> 0.1)
    google-apis-core (0.6.0)
      addressable (~> 2.5, >= 2.5.1)
      googleauth (>= 0.16.2, < 2.a)
      httpclient (>= 2.8.1, < 3.a)
      mini_mime (~> 1.0)
      representable (~> 3.0)
      retriable (>= 2.0, < 4.a)
      rexml
      webrick
    google-apis-dfareporting_v4 (0.1.0)
      google-apis-core (>= 0.5, < 2.a)
    google-apis-discovery_v1 (0.9.0)
      google-apis-core (>= 0.5, < 2.a)
    google-apis-generator (0.6.0)
      activesupport (>= 5.0)
      gems (~> 1.2)
      google-apis-core (>= 0.5, < 2.a)
      google-apis-discovery_v1 (~> 0.5)
      thor (>= 0.20, < 2.a)
    googleauth (1.1.3)
      faraday (>= 0.17.3, < 3.a)
      jwt (>= 1.4, < 3.0)
      memoist (~> 0.16)
      multi_json (~> 1.11)
      os (>= 0.9, < 2.0)
      signet (>= 0.16, < 2.a)
    httpclient (2.8.3)
    i18n (1.14.1)
      concurrent-ruby (~> 1.0)
    jwt (2.4.1)
    memoist (0.16.2)
    mini_mime (1.1.2)
    minitest (5.19.0)
    multi_json (1.15.0)
    os (1.1.4)
    public_suffix (4.0.7)
    representable (3.2.0)
      declarative (< 0.1.0)
      trailblazer-option (>= 0.1.1, < 0.2.0)
      uber (< 0.2.0)
    retriable (3.1.2)
    rexml (3.2.5)
    ruby2_keywords (0.0.5)
    signet (0.16.1)
      addressable (~> 2.8)
      faraday (>= 0.17.5, < 3.0)
      jwt (>= 1.5, < 3.0)
      multi_json (~> 1.10)
    thor (1.2.1)
    trailblazer-option (0.1.2)
    tzinfo (2.0.6)
      concurrent-ruby (~> 1.0)
    uber (0.1.0)
    webrick (1.7.0)

PLATFORMS
  universal-darwin-20
  x86_64-linux

DEPENDENCIES
  google-api-client (= 0.53.0)
  google-apis-dfareporting_v4 (~> 0.1.0)
  googleauth (>= 0.5)

BUNDLED WITH
   2.2.18
